GIT
  remote: git://github.com/sergocap/kinopoisk_parser.git
  revision: 2bb33b511a8962d723c7abf98d3f81961c4d8bda
  specs:
    kinopoisk_parser (2.2.3)
      httpclient
      nokogiri

GEM
  remote: https://rubygems.org/
  specs:
    RedCloth (4.2.9)
    actionmailer (3.2.22.2)
      actionpack (= 3.2.22.2)
      mail (~> 2.5.4)
    actionpack (3.2.22.2)
      activemodel (= 3.2.22.2)
      activesupport (= 3.2.22.2)
      builder (~> 3.0.0)
      erubis (~> 2.7.0)
      journey (~> 1.0.4)
      rack (~> 1.4.5)
      rack-cache (~> 1.2)
      rack-test (~> 0.6.1)
      sprockets (~> 2.2.1)
    active_attr (0.8.0)
      activemodel (>= 3.0.2, < 4.1)
      activesupport (>= 3.0.2, < 4.1)
    active_utils (2.0.0)
      activesupport (>= 2.3.11)
      i18n
    activemerchant (1.37.0)
      active_utils (>= 1.0.2)
      activesupport (>= 2.3.14)
      builder (>= 2.0.0)
      i18n
      json (>= 1.5.1)
      money
      nokogiri
    activemodel (3.2.22.2)
      activesupport (= 3.2.22.2)
      builder (~> 3.0.0)
    activerecord (3.2.22.2)
      activemodel (= 3.2.22.2)
      activesupport (= 3.2.22.2)
      arel (~> 3.0.2)
      tzinfo (~> 0.3.29)
    activeresource (3.2.22.2)
      activemodel (= 3.2.22.2)
      activesupport (= 3.2.22.2)
    activesupport (3.2.22.2)
      i18n (~> 0.6, >= 0.6.4)
      multi_json (~> 1.0)
    addressable (2.3.4)
    ads-rails (0.2.0)
      rails (>= 3.1.0, < 4.2.0)
    airbrake (3.1.16)
      builder
      multi_json
    ancestry (1.3.0)
      activerecord (>= 2.3.14)
    annotate (2.5.0)
      rake
    arel (3.0.3)
    attribute_normalizer (1.1.0)
    auto_html (1.6.0)
      redcarpet (~> 2.0)
      rinku (~> 1.5.0)
    awesome_print (1.6.1)
    backports (3.6.2)
    bcrypt (3.1.10)
    brakeman (2.3.1)
      erubis (~> 2.6)
      fastercsv (~> 1.5)
      haml (>= 3.0, < 5.0)
      highline (~> 1.6.20)
      multi_json (~> 1.2)
      ruby2ruby (~> 2.0.5)
      ruby_parser (~> 3.2.2)
      sass (~> 3.0)
      slim (>= 1.3.6, < 3.0)
      terminal-table (~> 1.4)
    breadcrumbs_on_rails (2.3.0)
    builder (3.0.4)
    cancan (1.6.8)
    capistrano (2.15.4)
      highline
      net-scp (>= 1.0.0)
      net-sftp (>= 2.0.0)
      net-ssh (>= 2.0.14)
      net-ssh-gateway (>= 1.1.0)
    capistrano-db-tasks (0.2.1)
    capistrano-ext (1.2.1)
      capistrano (>= 1.0.0)
    capistrano-unicorn (0.1.10)
      capistrano
    celluloid (0.15.2)
      timers (~> 1.1.0)
    choice (0.1.6)
    chronic (0.10.1)
    chunky_png (1.3.1)
    climate_control (0.0.3)
      activesupport (>= 3.0)
    cocaine (0.5.3)
      climate_control (>= 0.0.3, < 1.0)
    coderay (1.1.0)
    coffee-rails (3.2.2)
      coffee-script (>= 2.2.0)
      railties (~> 3.2.0)
    coffee-script (2.2.0)
      coffee-script-source
      execjs
    coffee-script-source (1.5.0)
    compass (0.12.6)
      chunky_png (~> 1.2)
      fssm (>= 0.2.7)
      sass (~> 3.2.19)
    compass-flexbox (1.1.3)
      compass
      sass
    compass-rails (1.1.7)
      compass (>= 0.12.2)
      sprockets (<= 2.11.0)
    configliere (0.4.18)
      highline (>= 1.5.2)
      multi_json (>= 1.1)
    connection_pool (2.1.2)
    css_parser (1.3.5)
      addressable
    curb (0.8.5)
    daemons (1.1.9)
    default_value_for (2.0.3)
    descendants_tracker (0.0.1)
    devise (3.5.1)
      bcrypt (~> 3.0)
      orm_adapter (~> 0.1)
      railties (>= 3.2.6, < 5)
      responders
      thread_safe (~> 0.1)
      warden (~> 1.2.3)
    devise-russian (2.0.1.1)
      devise
    diff-lcs (1.1.3)
    draper (0.18.0)
      actionpack (~> 3.2)
      activesupport (~> 3.2)
    el_vfs_client (0.4.1)
      configliere
      curb
      rails
    enumerize (0.7.0)
      activesupport (>= 3.2)
    erubis (2.7.0)
    esp-ckeditor (0.1.3)
      formtastic
      rails
    eventmachine (1.0.0)
    excon (0.71.0)
    execjs (1.4.0)
      multi_json (~> 1.0)
    fabrication (2.5.0)
    faraday (0.8.9)
      multipart-post (~> 1.2.0)
    faraday_middleware (0.9.0)
      faraday (>= 0.7.4, < 0.9)
    faraday_middleware-parse_oj (0.2.1)
      faraday_middleware (~> 0.8)
      oj (~> 2.0)
    fastercsv (1.5.5)
    fastimage (1.5.0)
    fattr (2.2.1)
    font-awesome-sass (4.1.0)
      sass (~> 3.2)
    formtastic (2.2.1)
      actionpack (>= 3.0)
    freeze_time (0.1)
    friendly_id (4.0.9)
    fssm (0.2.10)
    geoip (1.5.0)
    gilenson (1.2.2)
    grape (0.6.0)
      activesupport
      builder
      hashie (>= 1.2.0)
      multi_json (>= 1.3.2)
      multi_xml (>= 0.5.2)
      rack (>= 1.3.0)
      rack-accept
      rack-mount
      virtus
    grape-entity (0.3.0)
      activesupport
      multi_json (>= 1.3.2)
    haml (4.0.4)
      tilt
    has_scope (0.6.0.rc)
      actionpack (>= 3.2, < 5)
      activesupport (>= 3.2, < 5)
    has_searcher (0.0.97)
      rails (~> 3.2.3)
    hashie (2.0.5)
    highline (1.6.21)
    hike (1.2.3)
    hirb (0.7.1)
    htmldiff (0.0.1)
    httparty (0.10.0)
      multi_json (~> 1.0)
      multi_xml
    httpclient (2.8.3)
    i18n (0.6.11)
    inherited_resources (1.4.1)
      has_scope (~> 0.6.0.rc)
      responders (~> 1.0.0.rc)
    jcrop-rails (1.0.3)
      railties (~> 3.0)
      thor (~> 0.14)
    journey (1.0.4)
    jquery-rails (2.0.3)
      railties (>= 3.1.0, < 5.0)
      thor (~> 0.14)
    jquery-ui-rails (4.2.0)
      railties (>= 3.2.16)
    jquery.fileupload-rails (1.8.1)
      jquery-ui-rails (>= 3.0, < 5.0)
      railties (>= 3.1)
    json (1.8.3)
    jwt (1.5.0)
    kaminari (0.14.1)
      actionpack (>= 3.0.0)
      activesupport (>= 3.0.0)
    kgio (2.8.0)
    koala (1.7.0rc1)
      addressable
      faraday
      multi_json
    launchy (2.4.2)
      addressable (~> 2.3)
    letter_opener (1.2.0)
      launchy (~> 2.2)
    mail (2.5.4)
      mime-types (~> 1.16)
      treetop (~> 1.4.8)
    mainsms_api (0.0.6)
      active_attr (~> 0.7)
      activesupport (>= 3, < 5)
      hashie (~> 2.0)
      httparty (~> 0.10)
      signed_parameters
    mandrill-api (1.0.53)
      excon (>= 0.16.0, < 1.0)
      json (>= 1.7.7, < 2.0)
    method_source (0.8.2)
    mime-types (1.25.1)
    mini_portile2 (2.1.0)
    mock_redis (0.11.0)
    money (5.1.1)
      i18n (~> 0.6.0)
    multi_json (1.11.2)
    multi_xml (0.5.5)
    multipart-post (1.2.0)
    nested_form (0.3.1)
    net-scp (1.2.1)
      net-ssh (>= 2.6.5)
    net-sftp (2.1.2)
      net-ssh (>= 2.6.5)
    net-ssh (2.9.1)
    net-ssh-gateway (1.2.0)
      net-ssh (>= 2.6.5)
    nokogiri (1.6.8)
      mini_portile2 (~> 2.1.0)
      pkg-config (~> 1.1.7)
    oauth (0.4.7)
    oauth2 (0.9.4)
      faraday (>= 0.8, < 0.10)
      jwt (~> 1.0)
      multi_json (~> 1.3)
      multi_xml (~> 0.5)
      rack (~> 1.2)
    oj (2.1.4)
    omniauth (1.2.2)
      hashie (>= 1.2, < 4)
      rack (~> 1.0)
    omniauth-facebook (1.6.0)
      omniauth-oauth2 (~> 1.1)
    omniauth-google-oauth2 (0.1.13)
      omniauth (~> 1.0)
      omniauth-oauth2
    omniauth-mailru (1.0.0)
      omniauth (~> 1.0)
      omniauth-oauth2 (~> 1.0)
    omniauth-oauth (1.0.1)
      oauth
      omniauth (~> 1.0)
    omniauth-oauth2 (1.1.2)
      faraday (>= 0.8, < 0.10)
      multi_json (~> 1.3)
      oauth2 (~> 0.9.3)
      omniauth (~> 1.2)
    omniauth-odnoklassniki (0.0.4)
      omniauth (~> 1.0)
      omniauth-oauth2 (~> 1.0)
    omniauth-twitter (0.0.14)
      multi_json (~> 1.3)
      omniauth-oauth (~> 1.0)
    omniauth-vkontakte (1.3.3)
      multi_json
      omniauth (~> 1.0)
      omniauth-oauth2 (~> 1.1)
    omniauth-yandex (0.0.2)
      omniauth (~> 1.0)
      omniauth-oauth2 (~> 1.0)
    openteam-capistrano (0.0.14)
      capistrano-db-tasks
      capistrano-ext
      capistrano-unicorn
      rvm-capistrano
    openteam-commons (0.2.3)
      airbrake
      configliere
      rails
      unicorn
      whenever
    options (2.3.0)
      fattr
    orm_adapter (0.5.0)
    paperclip (3.5.2)
      activemodel (>= 3.0.0)
      activesupport (>= 3.0.0)
      cocaine (~> 0.5.3)
      mime-types
    paperclip-elvfs (0.0.5.2)
      curb
      paperclip
    pg (0.17.0)
    pkg-config (1.1.7)
    polyglot (0.3.5)
    pr_geohash (1.0.0)
    progress_bar (0.4.0)
      highline (~> 1.6.1)
      options (~> 2.3.0)
    pry (0.9.12.4)
      coderay (~> 1.0)
      method_source (~> 0.8)
      slop (~> 3.4)
    quiet_assets (1.0.1)
      railties (~> 3.1)
    rack (1.4.7)
    rack-accept (0.4.5)
      rack (>= 0.4)
    rack-cache (1.6.1)
      rack (>= 0.4)
    rack-mount (0.8.3)
      rack (>= 1.0.0)
    rack-protection (1.5.0)
      rack
    rack-ssl (1.3.4)
      rack
    rack-test (0.6.3)
      rack (>= 1.0)
    rack-utf8_sanitizer (1.1.0)
      rack (~> 1.0)
    rails (3.2.22.2)
      actionmailer (= 3.2.22.2)
      actionpack (= 3.2.22.2)
      activerecord (= 3.2.22.2)
      activeresource (= 3.2.22.2)
      activesupport (= 3.2.22.2)
      bundler (~> 1.0)
      railties (= 3.2.22.2)
    rails-erd (1.0.0)
      activerecord (>= 3.0)
      activesupport (>= 3.0)
      choice (~> 0.1.6)
      ruby-graphviz (~> 1.0.4)
    railties (3.2.22.2)
      actionpack (= 3.2.22.2)
      activesupport (= 3.2.22.2)
      rack-ssl (~> 1.3.2)
      rake (>= 0.8.7)
      rdoc (~> 3.4)
      thor (>= 0.14.6, < 2.0)
    raindrops (0.11.0)
    rake (11.1.2)
    rdoc (3.12.2)
      json (~> 1.4)
    redcarpet (2.2.2)
    redis (3.2.1)
    redis-namespace (1.5.1)
      redis (~> 3.0, >= 3.0.4)
    responders (1.0.0)
      railties (>= 3.2, < 5)
    rest-client (1.6.7)
      mime-types (>= 1.16)
    rinku (1.5.1)
    roadie (2.4.2)
      actionmailer (> 3.0.0, < 5.0.0)
      css_parser (~> 1.3.4)
      nokogiri (> 1.5.0)
      sprockets
    rsolr (1.0.9)
      builder (>= 2.1.2)
    rspec-core (2.12.0)
    rspec-expectations (2.12.0)
      diff-lcs (~> 1.1.3)
    rspec-mocks (2.12.0)
    rspec-rails (2.12.0)
      actionpack (>= 3.0)
      activesupport (>= 3.0)
      railties (>= 3.0)
      rspec-core (~> 2.12.0)
      rspec-expectations (~> 2.12.0)
      rspec-mocks (~> 2.12.0)
    ruby-graphviz (1.0.8)
    ruby2ruby (2.0.7)
      ruby_parser (~> 3.1)
      sexp_processor (~> 4.0)
    ruby_parser (3.2.2)
      sexp_processor (~> 4.1)
    russian (0.6.0)
      i18n (>= 0.5.0)
    rvm-capistrano (1.2.7)
      capistrano (>= 2.0.0)
    sanitize (2.0.6)
      nokogiri (>= 1.4.4)
    sass (3.2.19)
    sass-rails (3.2.6)
      railties (~> 3.2.0)
      sass (>= 3.1.10)
      tilt (~> 1.3)
    sexp_processor (4.4.1)
    sidekiq (2.17.8)
      celluloid (= 0.15.2)
      connection_pool (~> 2.0)
      json
      redis (~> 3.1)
      redis-namespace (~> 1.3)
    signed_parameters (0.0.4)
      activesupport (>= 2.2.1)
    simple-navigation (3.11.0)
      activesupport (>= 2.3.2)
    simple_form (2.1.1)
      actionpack (~> 3.0)
      activemodel (~> 3.0)
    sinatra (1.4.3)
      rack (~> 1.4)
      rack-protection (~> 1.4)
      tilt (~> 1.3, >= 1.3.4)
    sitemap_generator (4.3.1)
      builder
    slim (2.0.2)
      temple (~> 0.6.6)
      tilt (>= 1.3.3, < 2.1)
    slop (3.4.7)
    sprockets (2.2.3)
      hike (~> 1.2)
      multi_json (~> 1.0)
      rack (~> 1.0)
      tilt (~> 1.1, != 1.3.0)
    sqlite3 (1.3.6)
    state_machine (1.2.0)
    string-scrub (0.0.2)
    sunspot (2.0.0)
      pr_geohash (~> 1.0)
      rsolr (~> 1.0.7)
    sunspot_matchers (1.3.0.2)
    sunspot_rails (2.0.0)
      nokogiri
      sunspot (= 2.0.0)
    sunspot_solr (2.0.0)
    temple (0.6.7)
    terminal-table (1.4.5)
    thin (1.5.0)
      daemons (>= 1.0.9)
      eventmachine (>= 0.12.6)
      rack (>= 1.0.0)
    thor (0.19.1)
    thread_safe (0.3.5)
    tilt (1.4.1)
    timecop (0.5.3)
    timers (1.1.0)
    treetop (1.4.15)
      polyglot
      polyglot (>= 0.3.1)
    turbo-sprockets-rails3 (0.3.6)
      railties (> 3.2.8, < 4.0.0)
      sprockets (>= 2.0.0)
    tzinfo (0.3.48)
    uglifier (1.3.0)
      execjs (>= 0.3.0)
      multi_json (~> 1.0, >= 1.0.2)
    unicorn (4.6.3)
      kgio (~> 2.6)
      rack
      raindrops (~> 0.7)
    validates_email_format_of (1.5.3)
    virtus (0.5.5)
      backports (~> 3.3)
      descendants_tracker (~> 0.0.1)
    vkontakte_api (1.2)
      faraday (~> 0.8)
      faraday_middleware (~> 0.8)
      faraday_middleware-parse_oj (~> 0.2)
      hashie (~> 2.0)
      oauth2 (~> 0.8)
    warden (1.2.3)
      rack (>= 1.0)
    whenever (0.8.0)
      activesupport (>= 2.3.4)
      chronic (>= 0.6.3)

PLATFORMS
  ruby

DEPENDENCIES
  RedCloth
  active_attr
  activemerchant
  ads-rails
  ancestry
  annotate
  attribute_normalizer
  auto_html
  awesome_print
  brakeman
  breadcrumbs_on_rails
  cancan
  capistrano (= 2.15.4)
  capistrano-db-tasks
  capistrano-unicorn (~> 0.1.10)
  coffee-rails
  compass-flexbox
  compass-rails
  curb
  daemons
  default_value_for
  devise
  devise-russian
  draper
  el_vfs_client
  enumerize
  esp-ckeditor
  fabrication
  fastimage
  font-awesome-sass
  freeze_time
  friendly_id
  geoip
  gilenson
  grape (~> 0.6.0)
  grape-entity
  has_scope
  has_searcher
  hashie (~> 2.0.5)
  hirb
  htmldiff
  httparty
  inherited_resources (= 1.4.1)
  jcrop-rails
  jquery-rails (= 2.0.3)
  jquery.fileupload-rails
  kaminari
  kinopoisk_parser!
  koala (~> 1.7.0rc1)
  letter_opener
  mainsms_api
  mandrill-api
  mock_redis
  nested_form
  nokogiri
  omniauth-facebook
  omniauth-google-oauth2
  omniauth-mailru
  omniauth-odnoklassniki
  omniauth-twitter
  omniauth-vkontakte
  omniauth-yandex
  openteam-capistrano
  openteam-commons
  paperclip
  paperclip-elvfs
  pg
  progress_bar
  pry
  quiet_assets
  rack-utf8_sanitizer
  rails (~> 3.2)
  rails-erd
  rest-client
  roadie
  rspec-rails
  russian
  sanitize
  sass-rails
  sidekiq (~> 2.14)
  simple-navigation
  simple_form
  sinatra
  sitemap_generator
  sqlite3
  state_machine
  string-scrub
  sunspot_matchers
  sunspot_rails
  sunspot_solr
  thin
  timecop
  turbo-sprockets-rails3
  uglifier
  validates_email_format_of
  vkontakte_api

BUNDLED WITH
   1.14.4
